GEM
  remote: http://rubygems.org/
  specs:
    haml (3.1.7)
    nokogiri (1.5.5)
    nokogiri (1.5.5-x86-mingw32)
    nokogiri-happymapper (0.5.6)
      nokogiri (~> 1.5)
    rack (1.4.1)
    rack-protection (1.2.0)
      rack
    sinatra (1.3.3)
      rack (~> 1.3, >= 1.3.6)
      rack-protection (~> 1.2)
      tilt (~> 1.3, >= 1.3.3)
    tilt (1.3.3)

PLATFORMS
  ruby
  x86-mingw32

DEPENDENCIES
  haml
  nokogiri-happymapper (= 0.5.6)
  sinatra
